GEM
  remote: https://rubygems.org/
  specs:
    diff-lcs (1.2.5)
    grit (2.5.0)
      diff-lcs (~> 1.1)
      mime-types (~> 1.15)
      posix-spawn (~> 0.3.6)
    mime-types (1.25.1)
    minitest (5.4.0)
    posix-spawn (0.3.8)
    rack (1.5.2)
    rake (10.3.2)
    rsync (1.0.8)

PLATFORMS
  ruby

DEPENDENCIES
  grit
  minitest
  rack
  rake
  rsync
